GIT
  remote: git://github.com/carrierwaveuploader/carrierwave.git
  revision: b31f7ce006bade550be0ad946d0b993b799358e3
  specs:
    carrierwave (0.11.0)
      activemodel (>= 4.0.0)
      activesupport (>= 4.0.0)
      mime-types (>= 1.16)

GEM
  remote: https://rubygems.org/
  specs:
    actionmailer (4.2.5)
      actionpack (= 4.2.5)
      actionview (= 4.2.5)
      activejob (= 4.2.5)
      mail (~> 2.5, >= 2.5.4)
      rails-dom-testing (~> 1.0, >= 1.0.5)
    actionpack (4.2.5)
      actionview (= 4.2.5)
      activesupport (= 4.2.5)
      rack (~> 1.6)
      rack-test (~> 0.6.2)
      rails-dom-testing (~> 1.0, >= 1.0.5)
      rails-html-sanitizer (~> 1.0, >= 1.0.2)
    actionview (4.2.5)
      activesupport (= 4.2.5)
      builder (~> 3.1)
      erubis (~> 2.7.0)
      rails-dom-testing (~> 1.0, >= 1.0.5)
      rails-html-sanitizer (~> 1.0, >= 1.0.2)
    activejob (4.2.5)
      activesupport (= 4.2.5)
      globalid (>= 0.3.0)
    activemodel (4.2.5)
      activesupport (= 4.2.5)
      builder (~> 3.1)
    activerecord (4.2.5)
      activemodel (= 4.2.5)
      activesupport (= 4.2.5)
      arel (~> 6.0)
    activerecord-jdbc-adapter (1.3.20)
      activerecord (>= 2.2)
    activerecord-jdbcmysql-adapter (1.3.20)
      activerecord-jdbc-adapter (~> 1.3.20)
      jdbc-mysql (>= 5.1.22)
    activerecord-jdbcsqlite3-adapter (1.3.20)
      activerecord-jdbc-adapter (~> 1.3.20)
      jdbc-sqlite3 (>= 3.7.2, < 3.9)
    activesupport (4.2.5)
      i18n (~> 0.7)
      json (~> 1.7, >= 1.7.7)
      minitest (~> 5.1)
      thread_safe (~> 0.3, >= 0.3.4)
      tzinfo (~> 1.1)
    addressable (2.4.0)
    arel (6.0.3)
    autoprefixer-rails (6.3.6.1)
      execjs
    bcrypt (3.1.11-java)
    bootstrap-sass (3.3.6)
      autoprefixer-rails (>= 5.2.1)
      sass (>= 3.3.4)
    builder (3.2.2)
    capybara (2.7.1)
      addressable
      mime-types (>= 1.16)
      nokogiri (>= 1.3.3)
      rack (>= 1.0.0)
      rack-test (>= 0.5.4)
      xpath (~> 2.0)
    childprocess (0.5.9)
      ffi (~> 1.0, >= 1.0.11)
    coffee-rails (4.1.1)
      coffee-script (>= 2.2.0)
      railties (>= 4.0.0, < 5.1.x)
    coffee-script (2.4.1)
      coffee-script-source
      execjs
    coffee-script-source (1.10.0)
    concurrent-ruby (1.0.2-java)
    database_cleaner (1.5.3)
    devise (4.1.1)
      bcrypt (~> 3.0)
      orm_adapter (~> 0.1)
      railties (>= 4.1.0, < 5.1)
      responders
      warden (~> 1.2.3)
    diff-lcs (1.2.5)
    dotenv (2.0.2)
    dotenv-rails (2.0.2)
      dotenv (= 2.0.2)
      railties (~> 4.0)
    erubis (2.7.0)
    exception_notification (4.1.4)
      actionmailer (~> 4.0)
      activesupport (~> 4.0)
    execjs (2.7.0)
    factory_girl (4.7.0)
      activesupport (>= 3.0.0)
    factory_girl_rails (4.7.0)
      factory_girl (~> 4.7.0)
      railties (>= 3.0.0)
    faker (1.6.3)
      i18n (~> 0.5)
    faraday (0.9.2)
      multipart-post (>= 1.2, < 3)
    ffi (1.9.10-java)
    file_validators (2.1.0)
      activemodel (>= 3.0)
      mime-types (>= 1.0)
    font-awesome-rails (4.3.0.0)
      railties (>= 3.2, < 5.0)
    globalid (0.3.6)
      activesupport (>= 4.1.0)
    high_voltage (3.0.0)
    i18n (0.7.0)
    jbuilder (2.4.1)
      activesupport (>= 3.0.0, < 5.1)
      multi_json (~> 1.2)
    jdbc-mysql (5.1.38)
    jdbc-sqlite3 (3.8.11.2)
    jquery-rails (4.1.1)
      rails-dom-testing (>= 1, < 3)
      railties (>= 4.2.0)
      thor (>= 0.14, < 2.0)
    json (1.8.3-java)
    kaminari (0.16.3)
      actionpack (>= 3.0.0)
      activesupport (>= 3.0.0)
    launchy (2.4.3-java)
      addressable (~> 2.3)
      spoon (~> 0.0.1)
    loofah (2.0.3)
      nokogiri (>= 1.5.9)
    mail (2.6.4)
      mime-types (>= 1.16, < 4)
    mime-types (2.6.2)
    minitest (5.9.0)
    modernizr-rails (2.7.1)
    multi_json (1.12.1)
    multipart-post (2.0.0)
    nokogiri (1.6.7.2-java)
    orm_adapter (0.5.0)
    pdf-merger (0.3.2)
    puma (3.4.0-java)
    quiet_assets (1.1.0)
      railties (>= 3.1, < 5.0)
    rack (1.6.4)
    rack-test (0.6.3)
      rack (>= 1.0)
    rails (4.2.5)
      actionmailer (= 4.2.5)
      actionpack (= 4.2.5)
      actionview (= 4.2.5)
      activejob (= 4.2.5)
      activemodel (= 4.2.5)
      activerecord (= 4.2.5)
      activesupport (= 4.2.5)
      bundler (>= 1.3.0, < 2.0)
      railties (= 4.2.5)
      sprockets-rails
    rails-deprecated_sanitizer (1.0.3)
      activesupport (>= 4.2.0.alpha)
    rails-dom-testing (1.0.7)
      activesupport (>= 4.2.0.beta, < 5.0)
      nokogiri (~> 1.6.0)
      rails-deprecated_sanitizer (>= 1.0.1)
    rails-html-sanitizer (1.0.3)
      loofah (~> 2.0)
    rails_layout (1.0.29)
    railties (4.2.5)
      actionpack (= 4.2.5)
      activesupport (= 4.2.5)
      rake (>= 0.8.7)
      thor (>= 0.18.1, < 2.0)
    rake (11.1.2)
    responders (2.2.0)
      railties (>= 4.2.0, < 5.1)
    rspec-core (3.4.4)
      rspec-support (~> 3.4.0)
    rspec-expectations (3.4.0)
      diff-lcs (>= 1.2.0, < 2.0)
      rspec-support (~> 3.4.0)
    rspec-mocks (3.4.1)
      diff-lcs (>= 1.2.0, < 2.0)
      rspec-support (~> 3.4.0)
    rspec-rails (3.4.2)
      actionpack (>= 3.0, < 4.3)
      activesupport (>= 3.0, < 4.3)
      railties (>= 3.0, < 4.3)
      rspec-core (~> 3.4.0)
      rspec-expectations (~> 3.4.0)
      rspec-mocks (~> 3.4.0)
      rspec-support (~> 3.4.0)
    rspec-support (3.4.1)
    rubyzip (1.2.0)
    sass (3.4.22)
    sass-rails (5.0.4)
      railties (>= 4.0.0, < 5.0)
      sass (~> 3.1)
      sprockets (>= 2.8, < 4.0)
      sprockets-rails (>= 2.0, < 4.0)
      tilt (>= 1.1, < 3)
    seed_dump (3.2.4)
      activerecord (>= 4)
      activesupport (>= 4)
    selenium-webdriver (2.53.0)
      childprocess (~> 0.5)
      rubyzip (~> 1.0)
      websocket (~> 1.0)
    spoon (0.0.4)
      ffi
    spring (1.7.1)
    spring-commands-rspec (1.0.4)
      spring (>= 0.9.1)
    sprockets (3.6.0)
      concurrent-ruby (~> 1.0)
      rack (> 1, < 3)
    sprockets-rails (3.0.4)
      actionpack (>= 4.0)
      activesupport (>= 4.0)
      sprockets (>= 3.0.0)
    therubyrhino (2.0.4)
      therubyrhino_jar (>= 1.7.3)
    therubyrhino_jar (1.7.6)
    thor (0.19.1)
    thread_safe (0.3.5-java)
    tilt (2.0.4)
    turbolinks (2.5.3)
      coffee-rails
    tzinfo (1.2.2)
      thread_safe (~> 0.1)
    tzinfo-data (1.2016.4)
      tzinfo (>= 1.0.0)
    uglifier (3.0.0)
      execjs (>= 0.3.0, < 3)
    valid_email (0.0.13)
      activemodel
      mail (~> 2.6.1)
    warden (1.2.6)
      rack (>= 1.0)
    webshims-rails (1.15.10)
      rails (> 3.1.0)
    websocket (1.2.3)
    xpath (2.0.0)
      nokogiri (~> 1.3)

PLATFORMS
  java

DEPENDENCIES
  activerecord-jdbcmysql-adapter
  activerecord-jdbcsqlite3-adapter
  bootstrap-sass
  capybara
  carrierwave!
  coffee-rails (~> 4.1.0)
  database_cleaner
  devise
  dotenv-rails (= 2.0.2)
  exception_notification
  factory_girl_rails
  faker
  faraday
  file_validators
  font-awesome-rails (= 4.3.0.0)
  high_voltage
  jbuilder (~> 2.0)
  jquery-rails
  kaminari
  launchy
  mime-types (= 2.6.2)
  modernizr-rails
  pdf-merger (~> 0.3.2)
  puma
  quiet_assets
  rails (= 4.2.5)
  rails_layout
  rspec-rails
  sass-rails (~> 5.0)
  seed_dump
  selenium-webdriver
  spring
  spring-commands-rspec
  therubyrhino
  turbolinks
  tzinfo-data
  uglifier (>= 1.3.0)
  valid_email
  webshims-rails

BUNDLED WITH
   1.12.4
